GIT
  remote: git://github.com/lotus/controller.git
  revision: f326d5bfd6b73fba3d5d96514c38d6d8a1081c2d
  branch: 0.3.x
  specs:
    lotus-controller (0.3.0.dev)
      lotus-utils (~> 0.3, >= 0.3.1.dev)
      lotus-validations (~> 0.1, >= 0.2.0.dev)
      rack (~> 1.5)

GIT
  remote: git://github.com/lotus/lotus.git
  revision: c4b59098a4e817ca8639844ab1522e31c1f1ea7f
  specs:
    lotusrb (0.2.0.dev)
      lotus-controller (>= 0.3.0.dev)
      lotus-router (>= 0.2.0.dev)
      lotus-utils (~> 0.3, >= 0.3.0.dev)
      lotus-view (>= 0.3.0.dev)
      thor (= 0.19.1)

GIT
  remote: git://github.com/lotus/model.git
  revision: a9e32323fe74f1632a90d68b052c9aaa840f4609
  specs:
    lotus-model (0.2.0.dev)
      lotus-utils (~> 0.3, >= 0.3.0.dev)
      sequel (~> 4.9)

GIT
  remote: git://github.com/lotus/router.git
  revision: 0152063ef9bcc90f15a5171366292807c89eb552
  branch: 0.2.x
  specs:
    lotus-router (0.2.0.dev)
      http_router (~> 0.11)
      lotus-utils (~> 0.3, >= 0.3.1.dev)

GIT
  remote: git://github.com/lotus/utils.git
  revision: e330bbdbdcc2e58cf002e7d5fc00dd950631fd75
  branch: 0.3.x
  specs:
    lotus-utils (0.3.2.dev)

GIT
  remote: git://github.com/lotus/view.git
  revision: be8cf5760b250793b081c72434210f103b650053
  branch: 0.3.x
  specs:
    lotus-view (0.3.0.dev)
      lotus-utils (~> 0.3, >= 0.3.0.dev)
      tilt (~> 2.0, >= 2.0.1)

PATH
  remote: .
  specs:
    reeder (0.0.1)
      dotenv-deployment (~> 0)
      feedjira (~> 1)
      lotus-model (~> 0.1)
      lotusrb (~> 0.1)
      sqlite3 (~> 1.3)

GEM
  remote: https://rubygems.org/
  specs:
    addressable (2.3.6)
    capybara (2.4.4)
      mime-types (>= 1.16)
      nokogiri (>= 1.3.3)
      rack (>= 1.0.0)
      rack-test (>= 0.5.4)
      xpath (~> 2.0)
    crack (0.4.2)
      safe_yaml (~> 1.0.0)
    curb (0.8.6)
    diff-lcs (1.2.5)
    dotenv (0.11.1)
      dotenv-deployment (~> 0.0.2)
    dotenv-deployment (0.0.2)
    feedjira (1.5.0)
      curb (~> 0.8)
      loofah (~> 2.0)
      sax-machine (~> 1.0)
    http_router (0.11.1)
      rack (>= 1.0.0)
      url_mount (~> 0.2.1)
    loofah (2.0.1)
      nokogiri (>= 1.5.9)
    lotus-validations (0.2.0)
      lotus-utils (~> 0.3, >= 0.3.1)
    mime-types (2.4.3)
    mini_portile (0.6.1)
    nokogiri (1.6.5)
      mini_portile (~> 0.6.0)
    rack (1.5.2)
    rack-test (0.6.2)
      rack (>= 1.0)
    rake (10.4.2)
    rspec (3.1.0)
      rspec-core (~> 3.1.0)
      rspec-expectations (~> 3.1.0)
      rspec-mocks (~> 3.1.0)
    rspec-core (3.1.7)
      rspec-support (~> 3.1.0)
    rspec-expectations (3.1.2)
      diff-lcs (>= 1.2.0, < 2.0)
      rspec-support (~> 3.1.0)
    rspec-mocks (3.1.3)
      rspec-support (~> 3.1.0)
    rspec-support (3.1.2)
    safe_yaml (1.0.4)
    sax-machine (1.1.1)
    sequel (4.17.0)
    sqlite3 (1.3.10)
    thor (0.19.1)
    tilt (2.0.1)
    url_mount (0.2.1)
      rack
    vcr (2.9.3)
    webmock (1.20.4)
      addressable (>= 2.3.6)
      crack (>= 0.3.2)
    xpath (2.0.0)
      nokogiri (~> 1.3)

PLATFORMS
  ruby

DEPENDENCIES
  bundler (~> 1.6)
  capybara (~> 2)
  dotenv (~> 0)
  lotus-controller (>= 0.3.0.dev)!
  lotus-model!
  lotus-router (>= 0.2.0.dev)!
  lotus-utils (~> 0.3, >= 0.3.0.dev)!
  lotus-view (>= 0.3.0.dev)!
  lotusrb!
  rake (~> 10.0)
  reeder!
  rspec (~> 3)
  sqlite3
  vcr (~> 2.7)
  webmock (~> 1)
